PATH
  remote: .
  specs:
    rack_no_autocomplete (0.0.1)
      rack
      rack_replace

GEM
  remote: http://rubygems.org/
  specs:
    columnize (0.3.6)
    debugger (1.2.4)
      columnize (>= 0.3.1)
      debugger-linecache (~> 1.1.1)
      debugger-ruby_core_source (~> 1.1.7)
    debugger-linecache (1.1.2)
      debugger-ruby_core_source (>= 1.1.1)
    debugger-ruby_core_source (1.1.7)
    rack (1.5.0)
    rack_replace (0.0.3)
      rack
    rake (10.0.3)

PLATFORMS
  ruby

DEPENDENCIES
  debugger
  rack_no_autocomplete!
  rake
