PATH
  remote: .
  specs:
    rack_no_autocomplete (0.0.2)
      rack
      rack_replace

GEM
  remote: http://rubygems.org/
  specs:
    rack (1.5.2)
    rack_replace (0.0.4)
      rack
    rake (10.1.0)

PLATFORMS
  ruby

DEPENDENCIES
  rack_no_autocomplete!
  rake
